GIT
  remote: git://github.com/vwall/compass-twitter-bootstrap.git
  revision: 53f116edf637a1cd930f5526e3993bedf444ac5a
  specs:
    compass_twitter_bootstrap (0.1.8)
      compass

GEM
  remote: http://rubygems.org/
  specs:
    activesupport (3.0.9)
    backports (2.3.0)
    chunky_png (1.2.5)
    coffee-script (2.2.0)
      coffee-script-source
      execjs
    coffee-script-source (1.2.0)
    compass (0.11.7)
      chunky_png (~> 1.2)
      fssm (>= 0.2.7)
      sass (~> 3.1)
    daemons (1.1.5)
    dalli (1.1.4)
    diff-lcs (1.1.3)
    dropbox-api (0.2.0)
      hashie
      oauth
      yajl-ruby
    eventmachine (0.12.10)
    execjs (1.2.13)
      multi_json (~> 1.0)
    fssm (0.2.8.1)
    haml (3.1.1)
    hashie (1.2.0)
    i18n (0.5.0)
    kgio (2.7.2)
    kramdown (0.13.4)
    maruku (0.6.0)
      syntax (>= 1.0.0)
    multi_json (1.0.4)
    oauth (0.4.5)
    rack (1.4.0)
    rack-protection (1.2.0)
      rack
    rack-test (0.6.1)
      rack (>= 1.0)
    rspec (2.8.0)
      rspec-core (~> 2.8.0)
      rspec-expectations (~> 2.8.0)
      rspec-mocks (~> 2.8.0)
    rspec-core (2.8.0)
    rspec-expectations (2.8.0)
      diff-lcs (~> 1.1.2)
    rspec-mocks (2.8.0)
    sass (3.1.12)
    sinatra (1.3.2)
      rack (>= 1.3.6, ~> 1.3)
      rack-protection (~> 1.2)
      tilt (>= 1.3.3, ~> 1.3)
    sinatra-contrib (1.3.1)
      backports (>= 2.0)
      eventmachine
      rack-protection
      rack-test
      sinatra (~> 1.3.0)
      tilt (~> 1.3)
    slim (1.1.0)
      temple (~> 0.3.5)
      tilt (~> 1.3.2)
    syntax (1.0.0)
    temple (0.3.5)
    thin (1.3.1)
      daemons (>= 1.0.9)
      eventmachine (>= 0.12.6)
      rack (>= 1.0.0)
    tilt (1.3.3)
    yajl-ruby (1.1.0)

PLATFORMS
  ruby

DEPENDENCIES
  activesupport
  coffee-script
  compass_twitter_bootstrap!
  dalli
  dropbox-api
  haml
  hashie
  kgio
  kramdown
  maruku
  rspec (~> 2.8.0)
  sass
  sinatra (>= 1.3.2)
  sinatra-contrib
  slim
  thin
